GIT
  remote: https://github.com/hannesg/json_like.git
  revision: 684d654960441fa18f4cdc1398cc99fc9b0b7714
  specs:
    json_like (0.0.1)
      multi_json
      parslet

PATH
  remote: .
  specs:
    racktables_api (0.0.1)
      addressive
      ipaddress
      multi_json
      net-ldap
      rack
      sass
      sequel
      sinatra
      slim

GEM
  remote: https://rubygems.org/
  specs:
    addressive (0.1.0)
      uri_template (>= 0.5.1)
    blankslate (2.1.2.4)
    builder (3.2.2)
    coveralls (0.7.0)
      multi_json (~> 1.3)
      rest-client
      simplecov (>= 0.7)
      term-ansicolor
      thor
    cucumber (1.3.10)
      builder (>= 2.1.2)
      diff-lcs (>= 1.1.3)
      gherkin (~> 2.12)
      multi_json (>= 1.7.5, < 2.0)
      multi_test (>= 0.0.2)
    diff-lcs (1.2.5)
    docile (1.1.3)
    gherkin (2.12.2)
      multi_json (~> 1.3)
    ipaddress (0.8.0)
    mime-types (2.1)
    multi_json (1.8.4)
    multi_test (0.0.3)
    mysql2 (0.3.15)
    net-ldap (0.3.1)
    parslet (1.5.0)
      blankslate (~> 2.0)
    puma (2.10.2)
      rack (>= 1.1, < 2.0)
    rack (1.5.2)
    rack-protection (1.5.2)
      rack
    rake (10.1.1)
    rest-client (1.6.7)
      mime-types (>= 1.16)
    rspec (2.14.1)
      rspec-core (~> 2.14.0)
      rspec-expectations (~> 2.14.0)
      rspec-mocks (~> 2.14.0)
    rspec-core (2.14.7)
    rspec-expectations (2.14.5)
      diff-lcs (>= 1.1.3, < 2.0)
    rspec-mocks (2.14.5)
    sass (3.2.14)
    sequel (4.7.0)
    shotgun (0.9)
      rack (>= 1.0)
    simplecov (0.8.2)
      docile (~> 1.1.0)
      multi_json
      simplecov-html (~> 0.8.0)
    simplecov-html (0.8.0)
    sinatra (1.4.4)
      rack (~> 1.4)
      rack-protection (~> 1.4)
      tilt (~> 1.3, >= 1.3.4)
    slim (2.0.2)
      temple (~> 0.6.6)
      tilt (>= 1.3.3, < 2.1)
    temple (0.6.7)
    term-ansicolor (1.3.0)
      tins (~> 1.0)
    thor (0.18.1)
    tilt (1.4.1)
    tins (1.0.0)
    uri_template (0.6.0)

PLATFORMS
  ruby

DEPENDENCIES
  coveralls
  cucumber
  json_like!
  mysql2
  puma (= 2.10.2)
  racktables_api!
  rake
  rspec
  shotgun
  simplecov
  sinatra (> 1.0)
